GEM
  remote: https://rubygems.org/
  specs:

PLATFORMS
  x86-mingw32
  x86_64-linux

DEPENDENCIES

BUNDLED WITH
   2.3.7
